GEM
  remote: http://rubygems.org/
  specs:
    classifier (1.3.3)
      fast-stemmer (>= 1.0.0)
    directory_watcher (1.4.0)
    fast-stemmer (1.0.0)
    fssm (0.2.7)
    gsl (1.14.7)
      narray (>= 0.5.9)
    hpricot (0.8.4)
    jekyll (0.10.0)
      classifier (>= 1.3.1)
      directory_watcher (>= 1.1.1)
      liquid (>= 1.9.0)
      maruku (>= 0.5.9)
    liquid (2.2.2)
    maruku (0.6.0)
      syntax (>= 1.0.0)
    narray (0.5.9.9)
    nokogiri (1.4.4)
    rdiscount (1.6.8)
    syntax (1.0.0)

PLATFORMS
  ruby

DEPENDENCIES
  fssm
  gsl
  hpricot
  jekyll
  nokogiri
  rdiscount
